GEM
  remote: http://rubygems.org/
  specs:
    git (1.2.5)
    hike (1.2.2)
    jeweler (1.8.4)
      bundler (~> 1.0)
      git (>= 1.2.5)
      rake
      rdoc
    json (1.7.7)
    multi_json (1.7.2)
    rack (1.5.2)
    rake (10.0.4)
    rdoc (4.0.1)
      json (~> 1.4)
    sprockets (2.9.2)
      hike (~> 1.2)
      multi_json (~> 1.0)
      rack (~> 1.0)
      tilt (~> 1.1, != 1.3.0)
    sprockets-rails (0.0.1)
      sprockets (>= 1.0.2)
    tilt (1.3.7)

PLATFORMS
  ruby

DEPENDENCIES
  bundler
  jeweler
  sprockets
  sprockets-rails
